RESTRICTION: == net471
NUGET
  remote: https://www.nuget.org/api/v2
    FSharp.Core (4.5.2)
    FsXaml.Wpf (3.1.6)
    Gjallarhorn (1.2.1)
      FSharp.Core (>= 4.3.2)
    Gjallarhorn.Bindable (1.0.0-beta7)
      FSharp.Core (>= 4.3 < 5.0)
      Gjallarhorn (>= 1.2.1)
    Gjallarhorn.Bindable.Wpf (1.0.0-beta7)
      FSharp.Core (>= 4.3 < 5.0)
      Gjallarhorn (>= 1.2.1)
      Gjallarhorn.Bindable (>= 1.0.0-beta7)
    System.ValueTuple (4.4)
